PATH
  remote: .
  specs:
    chronic (0.9.0)

GEM
  remote: http://rubygems.org/
  specs:
    minitest (4.4.0)
    rake (10.0.3)

PLATFORMS
  ruby

DEPENDENCIES
  chronic!
  minitest
  rake
